GEM
  remote: http://rubygems.org/
  specs:
    capistrano (2.14.2)
      highline
      net-scp (>= 1.0.0)
      net-sftp (>= 2.0.0)
      net-ssh (>= 2.0.14)
      net-ssh-gateway (>= 1.1.0)
    capistrano-shared-helpers (1.0.0)
    coderay (1.0.9)
    haml (3.1.6)
    highline (1.6.16)
    method_source (0.8.1)
    net-scp (1.1.0)
      net-ssh (>= 2.6.5)
    net-sftp (2.1.1)
      net-ssh (>= 2.6.5)
    net-ssh (2.6.6)
    net-ssh-gateway (1.2.0)
      net-ssh (>= 2.6.5)
    pry (0.9.12)
      coderay (~> 1.0.5)
      method_source (~> 0.8)
      slop (~> 3.4)
    rack (1.5.2)
    sinatra (1.0)
      rack (>= 1.0)
    slop (3.4.4)

PLATFORMS
  ruby

DEPENDENCIES
  capistrano
  capistrano-shared-helpers
  haml
  pry
  sinatra
